PATH
  remote: .
  specs:
    coutinho_assembly (0.3.0)

GEM
  remote: https://rubygems.org/
  specs:
    abort_if (0.2.0)
    diff-lcs (1.3)
    optimist (3.0.0)
    rake (10.5.0)
    rspec (3.8.0)
      rspec-core (~> 3.8.0)
      rspec-expectations (~> 3.8.0)
      rspec-mocks (~> 3.8.0)
    rspec-core (3.8.0)
      rspec-support (~> 3.8.0)
    rspec-expectations (3.8.2)
      diff-lcs (>= 1.2.0, < 2.0)
      rspec-support (~> 3.8.0)
    rspec-mocks (3.8.0)
      diff-lcs (>= 1.2.0, < 2.0)
      rspec-support (~> 3.8.0)
    rspec-support (3.8.0)
    rya (0.5.1)
      abort_if (~> 0.2.0)
      systemu (~> 2.6, >= 2.6.5)
    systemu (2.6.5)

PLATFORMS
  ruby

DEPENDENCIES
  bundler (~> 2.0)
  coutinho_assembly!
  optimist (~> 3.0)
  rake (~> 10.0)
  rspec (~> 3.0)
  rya (~> 0.5)

BUNDLED WITH
   2.0.1
